GEM
  remote: https://rubygems.org/
  specs:
    amq-protocol (2.3.2)
    async (2.0.1)
      console (~> 1.10)
      io-event (~> 1.0.0)
      timers (~> 4.1)
    bunny (2.19.0)
      amq-protocol (~> 2.3, >= 2.3.1)
      sorted_set (~> 1, >= 1.0.2)
    concurrent-ruby (1.1.10)
    console (1.15.0)
      fiber-local
    debug (1.5.0)
      irb (>= 1.3.6)
      reline (>= 0.2.7)
    et-orbi (1.2.7)
      tzinfo
    fiber-local (1.0.0)
    fugit (1.5.3)
      et-orbi (~> 1, >= 1.2.7)
      raabro (~> 1.4)
    io-console (0.5.11)
    io-event (1.0.5)
    irb (1.4.1)
      reline (>= 0.3.0)
    oj (3.13.11)
    raabro (1.4.0)
    rbtree (0.4.5)
    reline (0.3.1)
      io-console (~> 0.5)
    rufus-scheduler (3.8.1)
      fugit (~> 1.1, >= 1.1.6)
    set (1.0.2)
    sorted_set (1.0.3)
      rbtree
      set (~> 1.0)
    timers (4.3.3)
    tzinfo (2.0.4)
      concurrent-ruby (~> 1.0)

PLATFORMS
  x86_64-linux

DEPENDENCIES
  async
  bunny
  console
  debug
  oj
  rufus-scheduler

RUBY VERSION
   ruby 3.1.1p18

BUNDLED WITH
   2.3.10
