GEM
  remote: https://rubygems.org/
  specs:
    amq-protocol (2.3.2)
    async (1.30.1)
      console (~> 1.10)
      nio4r (~> 2.3)
      timers (~> 4.1)
    bunny (2.19.0)
      amq-protocol (~> 2.3, >= 2.3.1)
      sorted_set (~> 1, >= 1.0.2)
    concurrent-ruby (1.1.9)
    console (1.14.0)
      fiber-local
    debug (1.4.0)
      irb (>= 1.3.6)
      reline (>= 0.2.7)
    et-orbi (1.2.6)
      tzinfo
    fiber-local (1.0.0)
    fugit (1.5.2)
      et-orbi (~> 1.1, >= 1.1.8)
      raabro (~> 1.4)
    io-console (0.5.9)
    irb (1.3.7)
      reline (>= 0.2.7)
    nio4r (2.5.8)
    oj (3.13.10)
    raabro (1.4.0)
    rbtree (0.4.4)
    reline (0.2.7)
      io-console (~> 0.5)
    rufus-scheduler (3.8.0)
      fugit (~> 1.1, >= 1.1.6)
    set (1.0.2)
    sorted_set (1.0.3)
      rbtree
      set (~> 1.0)
    timers (4.3.3)
    tzinfo (2.0.4)
      concurrent-ruby (~> 1.0)

PLATFORMS
  x86_64-linux

DEPENDENCIES
  async
  bunny
  console
  debug
  oj
  rufus-scheduler

RUBY VERSION
   ruby 3.0.2p107

BUNDLED WITH
   2.2.33
